GIT
  remote: git://github.com/JustinLove/sqrl_auth.git
  revision: db02bfcc5071223758c39fcbb4abf0eb5a47769c
  branch: master
  specs:
    sqrl_auth (0.1.0)
      rbnacl
      scrypt

PATH
  remote: .
  specs:
    sqrl_test (0.1.0)
      rqrcode
      sinatra
      sqrl_auth
      thin

GEM
  remote: https://rubygems.org/
  specs:
    celluloid (0.15.2)
      timers (~> 1.1.0)
    celluloid-io (0.15.0)
      celluloid (>= 0.15.0)
      nio4r (>= 0.5.0)
    chunky_png (1.3.5)
    coderay (1.1.0)
    daemons (1.2.3)
    dotenv (0.10.0)
    eventmachine (1.0.8)
    ffi (1.9.10)
    ffi-compiler (0.1.3)
      ffi (>= 1.0.0)
      rake
    foreman (0.63.0)
      dotenv (>= 0.7)
      thor (>= 0.13.6)
    formatador (0.2.4)
    guard (2.6.0)
      formatador (>= 0.2.4)
      listen (~> 2.7)
      lumberjack (~> 1.0)
      pry (>= 0.9.12)
      thor (>= 0.18.1)
    guard-process (1.0.6)
      guard (>= 0.4.2)
      spoon (~> 0.0.1)
    listen (2.7.1)
      celluloid (>= 0.15.2)
      celluloid-io (>= 0.15.0)
      rb-fsevent (>= 0.9.3)
      rb-inotify (>= 0.9)
    lumberjack (1.0.5)
    method_source (0.8.2)
    nio4r (1.0.0)
    pry (0.9.12.6)
      coderay (~> 1.0)
      method_source (~> 0.8)
      slop (~> 3.4)
    rack (1.6.4)
    rack-protection (1.5.3)
      rack
    rake (10.4.2)
    rb-fsevent (0.9.4)
    rb-inotify (0.9.3)
      ffi (>= 0.5.0)
    rbnacl (3.2.0)
      ffi
    rqrcode (0.7.0)
      chunky_png
    scrypt (2.0.2)
      ffi-compiler (>= 0.0.2)
      rake
    sinatra (1.4.6)
      rack (~> 1.4)
      rack-protection (~> 1.4)
      tilt (>= 1.3, < 3)
    slop (3.5.0)
    spoon (0.0.4)
      ffi
    thin (1.6.4)
      daemons (~> 1.0, >= 1.0.9)
      eventmachine (~> 1.0, >= 1.0.4)
      rack (~> 1.0)
    thor (0.19.1)
    tilt (2.0.1)
    timers (1.1.0)

PLATFORMS
  ruby

DEPENDENCIES
  bundler (~> 1.3)
  foreman
  guard-process
  rake
  sqrl_auth!
  sqrl_test!
